GEM
  remote: https://rubygems.org/
  specs:
    builder (3.2.2)
    countries (2.0.2)
      i18n_data (~> 0.7.0)
      money (~> 6.7)
      unicode_utils (~> 1.4)
    ffi (1.9.14)
    i18n (0.7.0)
    i18n_data (0.7.0)
    listen (3.1.5)
      rb-fsevent (~> 0.9, >= 0.9.4)
      rb-inotify (~> 0.9, >= 0.9.7)
      ruby_dep (~> 1.2)
    money (6.7.1)
      i18n (>= 0.6.4, <= 0.7.0)
      sixarm_ruby_unaccent (>= 1.1.1, < 2)
    oj (2.17.5)
    puma (3.6.2)
    rack (1.6.5)
    rack-protection (1.5.3)
      rack
    rb-fsevent (0.9.8)
    rb-inotify (0.9.7)
      ffi (>= 0.5.0)
    rerun (0.11.0)
      listen (~> 3.0)
    rsolr (1.1.2)
      builder (>= 2.1.2)
    ruby_dep (1.5.0)
    sinatra (1.4.7)
      rack (~> 1.5)
      rack-protection (~> 1.4)
      tilt (>= 1.3, < 3)
    sixarm_ruby_unaccent (1.1.1)
    tilt (2.0.5)
    unicode_utils (1.4.0)

PLATFORMS
  ruby

DEPENDENCIES
  countries
  oj
  puma
  rerun
  rsolr
  sinatra

BUNDLED WITH
   1.13.6
